GEM
  remote: https://ruby.taobao.org/
  specs:
    ruby-mp3info (0.8.5)

PLATFORMS
  ruby

DEPENDENCIES
  ruby-mp3info
